REDIRECTS: ON
NUGET
  remote: http://api.nuget.org/v3/index.json
  specs:
    FAKE.x64 (4.10.4)
    FsCheck (2.2.3)
      FSharp.Core (>= 3.1.2.5)
    FSharp.Core (4.0.0.1)
    Fuchu (1.0.2)
      FSharp.Core (>= 3.1.2.1)
    Fuchu.FsCheck (1.0.2)
      FsCheck (>= 2.2.2)
      FSharp.Core (>= 3.1.2.5)
      Fuchu (>= 1.0.2)
    Http.fs (1.5.1)
    Microsoft.ServiceFabric (4.4.87-preview)
    Microsoft.ServiceFabric.Actors (1.4.87-preview)
      Microsoft.ServiceFabric (4.4.87-preview)
      Microsoft.ServiceFabric.Data (1.4.87-preview)
      Microsoft.ServiceFabric.Services (1.4.87-preview)
    Microsoft.ServiceFabric.Data (1.4.87-preview)
      Microsoft.ServiceFabric (4.4.87-preview)
    Microsoft.ServiceFabric.Services (1.4.87-preview)
      Microsoft.ServiceFabric (4.4.87-preview)
      Microsoft.ServiceFabric.Data (1.4.87-preview)
    Suave (0.33.0)
      FSharp.Core (>= 3.1.2.5)
